GEM
  remote: http://rubygems.org/
  specs:
    builder (3.0.0)
    cucumber (1.0.6)
      builder (>= 2.1.2)
      diff-lcs (>= 1.1.2)
      gherkin (~> 2.4.18)
      json (>= 1.4.6)
      term-ansicolor (>= 1.0.6)
    diff-lcs (1.1.3)
    gherkin (2.4.18)
      json (>= 1.4.6)
    hashie (1.1.0)
    httparty (0.8.0)
      multi_json
      multi_xml
    json (1.6.0)
    multi_json (1.0.3)
    multi_xml (0.4.0)
    rubyoverflow (1.0.2)
      hashie
      httparty
    term-ansicolor (1.0.6)

PLATFORMS
  ruby

DEPENDENCIES
  bundler
  cucumber
  rubyoverflow
